GEM
  remote: https://rubygems.org/
  specs:
    addressable (2.4.0)
    approvals (0.0.22)
      nokogiri (~> 1.6)
      thor (~> 0.18)
    awesome_print (1.6.1)
    coderay (1.1.0)
    crack (0.4.3)
      safe_yaml (~> 1.0.0)
    diff-lcs (1.2.5)
    dotenv (2.1.0)
    faraday (0.9.2)
      multipart-post (>= 1.2, < 3)
    faraday-panoptes (0.2.0)
      faraday (~> 0.9)
      faraday_middleware (~> 0.10)
    faraday_middleware (0.10.0)
      faraday (>= 0.7.4, < 0.10)
    ffi (1.9.10-java)
    hashdiff (0.3.0)
    honeybadger (2.4.1)
    jdbc-postgres (9.4.1206)
    listen (3.0.6)
      rb-fsevent (>= 0.9.3)
      rb-inotify (>= 0.9.7)
    method_source (0.8.2)
    multipart-post (2.0.0)
    newrelic_rpm (3.15.0.314)
    nokogiri (1.6.7.2-java)
    panoptes-client (0.2.1)
      faraday
      faraday-panoptes (~> 0.2.0)
    pry (0.10.3-java)
      coderay (~> 1.1.0)
      method_source (~> 0.8.1)
      slop (~> 3.4)
      spoon (~> 0.0)
    rake (10.5.0)
    rb-fsevent (0.9.7)
    rb-inotify (0.9.7)
      ffi (>= 0.5.0)
    rerun (0.11.0)
      listen (~> 3.0)
    rspec (3.4.0)
      rspec-core (~> 3.4.0)
      rspec-expectations (~> 3.4.0)
      rspec-mocks (~> 3.4.0)
    rspec-core (3.4.2)
      rspec-support (~> 3.4.0)
    rspec-expectations (3.4.0)
      diff-lcs (>= 1.2.0, < 2.0)
      rspec-support (~> 3.4.0)
    rspec-mocks (3.4.1)
      diff-lcs (>= 1.2.0, < 2.0)
      rspec-support (~> 3.4.0)
    rspec-support (3.4.1)
    safe_yaml (1.0.4)
    sequel (4.31.0)
    slop (3.6.0)
    spoon (0.0.4)
      ffi
    telekinesis (3.1.0-java)
    thor (0.19.1)
    webmock (1.23.0)
      addressable (>= 2.3.6)
      crack (>= 0.3.2)
      hashdiff

PLATFORMS
  java

DEPENDENCIES
  approvals
  awesome_print
  dotenv
  honeybadger (~> 2.0)
  jdbc-postgres
  newrelic_rpm
  panoptes-client
  pry
  rake
  rerun
  rspec
  sequel
  telekinesis (~> 3.1.0)
  webmock

BUNDLED WITH
   1.11.2
